GEM
  remote: https://rubygems.org/
  specs:
    rake (13.2.1)
    uri (0.13.0)

PLATFORMS
  x86_64-darwin-19

DEPENDENCIES
  rake
  uri (~> 0.13.0)

BUNDLED WITH
   2.5.14
